GEM
  remote: https://rubygems.org/
  specs:
    rack (3.0.7)
    roda (3.28.0)
      rack
    tts (0.7.1)

PLATFORMS
  ruby

DEPENDENCIES
  roda
  tts

BUNDLED WITH
   1.17.3
